GIT
  remote: https://github.com/everypolitician/everypolitician-ruby.git
  revision: fca557a65ca09ae9da105d8bff53e97e3ebcfdc1
  specs:
    everypolitician (0.18.0)
      everypolitician-popolo

GIT
  remote: https://github.com/everypolitician/wikisnakker.git
  revision: cc55a4f45290c8ad86dc3e2a41ea678e02e3dd94
  specs:
    wikisnakker (0.7.0)

GIT
  remote: https://github.com/openaustralia/scraperwiki-ruby.git
  revision: fc50176812505e463077d5c673d504a6a234aa78
  branch: morph_defaults
  specs:
    scraperwiki (3.0.1)
      httpclient
      sqlite_magic

GEM
  remote: https://rubygems.org/
  specs:
    ast (2.3.0)
    coderay (1.1.0)
    colorize (0.7.7)
    everypolitician-popolo (0.6.1)
    httpclient (2.6.0.1)
    method_source (0.8.2)
    parser (2.3.1.2)
      ast (~> 2.2)
    powerpack (0.1.1)
    pry (0.10.1)
      coderay (~> 1.1.0)
      method_source (~> 0.8.1)
      slop (~> 3.4)
    rainbow (2.1.0)
    rubocop (0.42.0)
      parser (>= 2.3.1.1, < 3.0)
      powerpack (~> 0.1)
      rainbow (>= 1.99.1, < 3.0)
      ruby-progressbar (~> 1.7)
      unicode-display_width (~> 1.0, >= 1.0.1)
    ruby-progressbar (1.8.1)
    slop (3.6.0)
    sqlite3 (1.3.10)
    sqlite_magic (0.0.3)
      sqlite3
    unicode-display_width (1.1.1)

PLATFORMS
  ruby

DEPENDENCIES
  colorize
  everypolitician!
  pry
  rubocop
  scraperwiki!
  wikisnakker!

RUBY VERSION
   ruby 2.0.0p353

BUNDLED WITH
   1.12.5
